GEM
  remote: https://rubygems.org/
  specs:
    kramdown (2.3.0)
      rexml
    rexml (3.2.4)

PLATFORMS
  x86_64-linux

DEPENDENCIES
  kramdown

BUNDLED WITH
   2.2.3
